GEM
  remote: https://rubygems.org/
  specs:
    OptionParser (0.5.1)
    aws-sdk (2.6.18)
      aws-sdk-resources (= 2.6.18)
    aws-sdk-core (2.6.18)
      jmespath (~> 1.0)
    aws-sdk-resources (2.6.18)
      aws-sdk-core (= 2.6.18)
    colored (1.2)
    command_line_reporter (3.3.6)
      colored (>= 1.2)
    jmespath (1.3.1)

PLATFORMS
  ruby

DEPENDENCIES
  OptionParser (~> 0.5.1)
  aws-sdk (~> 2)
  command_line_reporter (>= 3.0)

BUNDLED WITH
   1.13.6
